GIT
  remote: https://github.com/bernd/fpm-cookery
  revision: c08f49c2189650f545d55ad40bdfe73bc6229b4d
  branch: master
  specs:
    fpm-cookery (0.14.0)
      facter
      fpm (~> 0.4)
      puppet

GEM
  remote: https://rubygems.org/
  specs:
    addressable (2.3.4)
    arr-pm (0.0.8)
      cabin (> 0)
    backports (3.3.1)
    cabin (0.6.0)
    childprocess (0.3.9)
      ffi (~> 1.0, >= 1.0.11)
    clamp (0.6.1)
    facter (1.7.1)
    ffi (1.8.1)
    fpm (0.4.37)
      arr-pm (~> 0.0.8)
      backports (>= 2.6.2)
      cabin (>= 0.6.0)
      childprocess
      clamp (~> 0.6)
      ftw (~> 0.0.30)
      json (~> 1.7.7)
    ftw (0.0.34)
      addressable
      backports (>= 2.6.2)
      cabin (> 0)
      http_parser.rb (= 0.5.3)
    hiera (1.2.1)
      json_pure
    http_parser.rb (0.5.3)
    json (1.7.7)
    json_pure (1.8.0)
    puppet (3.2.1)
      facter (~> 1.6)
      hiera (~> 1.0)
      rgen (~> 0.6)
    rgen (0.6.2)

PLATFORMS
  ruby

DEPENDENCIES
  fpm-cookery!
